GEM
  remote: http://rubygems.org/
  specs:
    configuration (1.2.0)
    daemons (1.1.3)
    eventmachine (0.12.10)
    foreman (0.18.0)
      term-ansicolor (~> 1.0.5)
      thor (>= 0.13.6)
    heroku (2.2.4)
      launchy (>= 0.3.2)
      rest-client (~> 1.6.1)
      term-ansicolor (~> 1.0.5)
    launchy (0.4.0)
      configuration (>= 0.0.5)
      rake (>= 0.8.1)
    mime-types (1.16)
    net-toc (0.2)
    rack (1.3.0)
    rake (0.9.2)
    rest-client (1.6.3)
      mime-types (>= 1.16)
    sinatra (1.2.6)
      rack (~> 1.1)
      tilt (>= 1.2.2, < 2.0)
    term-ansicolor (1.0.5)
    thin (1.2.11)
      daemons (>= 1.0.9)
      eventmachine (>= 0.12.6)
      rack (>= 1.0.0)
    thor (0.14.6)
    tilt (1.3.2)

PLATFORMS
  ruby

DEPENDENCIES
  foreman
  heroku
  net-toc
  sinatra
  thin
