GEM
  remote: http://gemcutter.org/
  specs:
    daemons (1.1.3)
    eventmachine (0.12.10)
    net-toc (0.2)
    rack (1.3.0)
    sinatra (1.2.6)
      rack (~> 1.1)
      tilt (>= 1.2.2, < 2.0)
    thin (1.2.11)
      daemons (>= 1.0.9)
      eventmachine (>= 0.12.6)
      rack (>= 1.0.0)
    tilt (1.3.2)

PLATFORMS
  ruby

DEPENDENCIES
  net-toc
  sinatra
  thin
